PATH
  remote: .
  specs:
    chart-to-json (0.1.0)
      json

GEM
  remote: https://rubygems.org/
  specs:
    coderay (1.1.2)
    json (2.3.0)
    method_source (0.9.2)
    pry (0.12.2)
      coderay (~> 1.1.0)
      method_source (~> 0.9.0)
    rake (13.0.1)

PLATFORMS
  ruby

DEPENDENCIES
  bundler (~> 2.0)
  chart-to-json!
  pry
  rake (~> 13.0)

BUNDLED WITH
   2.0.2
